GEM
  remote: https://rubygems.org/
  specs:
    json (2.6.3)
    rotp (6.3.0)
    webrick (1.8.2)
    xmlrpc (0.3.2)
      webrick

PLATFORMS
  ruby

DEPENDENCIES
  json
  rotp
  xmlrpc

BUNDLED WITH
   2.3.17
